GEM
  remote: http://rubygems.org/
  specs:
    coverage (0.3)
    diff-lcs (1.1.3)
    facter (1.6.4)
    git (1.2.5)
    jeweler (1.6.4)
      bundler (~> 1.0)
      git (>= 1.2.5)
      rake
    json (1.6.3)
    mkrf (0.2.3)
    rake (0.9.2.2)
    rdoc (3.12)
      json (~> 1.4)
    rspec (2.7.0)
      rspec-core (~> 2.7.0)
      rspec-expectations (~> 2.7.0)
      rspec-mocks (~> 2.7.0)
    rspec-core (2.7.1)
    rspec-expectations (2.7.0)
      diff-lcs (~> 1.1.2)
    rspec-mocks (2.7.0)
    rubinius-actor (0.0.2)
      rubinius-core-api
    rubinius-core-api (0.0.1)
    ruby-opengl (0.60.1)
      mkrf (>= 0.2.0)
      rake

PLATFORMS
  ruby

DEPENDENCIES
  bundler (~> 1.0.0)
  coverage
  facter (~> 1.6.4)
  jeweler (~> 1.6.4)
  rdoc
  rspec
  rubinius-actor (~> 0.0.2)
  ruby-opengl (~> 0.60.1)
